GIT
  remote: https://github.com/ualbertalib/acts_as_rdfable.git
  revision: 6b224060a90743ff20ab924510d3c9dd53149280
  tag: v0.2.4
  specs:
    acts_as_rdfable (0.2.1)
      rails (>= 5.2.3)

GIT
  remote: https://github.com/ualbertalib/builder_deferred_tagging.git
  revision: 4c51f3e89c145aed34ac69182d2bae4f6bc088f3
  tag: v0.01
  specs:
    builder_deferred_tagging (0.1.0)
      builder
      request_store

GIT
  remote: https://github.com/ualbertalib/oaisys.git
  revision: 63d5086ae790e3e45f78a1c7135a9c1069951dd8
  tag: v1.0.2
  specs:
    oaisys (0.1.0)
      builder (~> 3.0)
      nanoid
      pg
      rails (>= 5.2.3)
      redis (~> 4.1)
      rubocop
      rubocop-performance
      rubocop-rails

GEM
  remote: https://rubygems.org/
  specs:
    aasm (5.1.1)
      concurrent-ruby (~> 1.0)
    actioncable (6.0.3.4)
      actionpack (= 6.0.3.4)
      nio4r (~> 2.0)
      websocket-driver (>= 0.6.1)
    actionmailbox (6.0.3.4)
      actionpack (= 6.0.3.4)
      activejob (= 6.0.3.4)
      activerecord (= 6.0.3.4)
      activestorage (= 6.0.3.4)
      activesupport (= 6.0.3.4)
      mail (>= 2.7.1)
    actionmailer (6.0.3.4)
      actionpack (= 6.0.3.4)
      actionview (= 6.0.3.4)
      activejob (= 6.0.3.4)
      mail (~> 2.5, >= 2.5.4)
      rails-dom-testing (~> 2.0)
    actionpack (6.0.3.4)
      actionview (= 6.0.3.4)
      activesupport (= 6.0.3.4)
      rack (~> 2.0, >= 2.0.8)
      rack-test (>= 0.6.3)
      rails-dom-testing (~> 2.0)
      rails-html-sanitizer (~> 1.0, >= 1.2.0)
    actiontext (6.0.3.4)
      actionpack (= 6.0.3.4)
      activerecord (= 6.0.3.4)
      activestorage (= 6.0.3.4)
      activesupport (= 6.0.3.4)
      nokogiri (>= 1.8.5)
    actionview (6.0.3.4)
      activesupport (= 6.0.3.4)
      builder (~> 3.1)
      erubi (~> 1.4)
      rails-dom-testing (~> 2.0)
      rails-html-sanitizer (~> 1.1, >= 1.2.0)
    active_link_to (1.0.5)
      actionpack
      addressable
    activejob (6.0.3.4)
      activesupport (= 6.0.3.4)
      globalid (>= 0.3.6)
    activemodel (6.0.3.4)
      activesupport (= 6.0.3.4)
    activemodel-serializers-xml (1.0.2)
      activemodel (> 5.x)
      activesupport (> 5.x)
      builder (~> 3.1)
    activerecord (6.0.3.4)
      activemodel (= 6.0.3.4)
      activesupport (= 6.0.3.4)
    activestorage (6.0.3.4)
      actionpack (= 6.0.3.4)
      activejob (= 6.0.3.4)
      activerecord (= 6.0.3.4)
      marcel (~> 0.3.1)
    activesupport (6.0.3.4)
      concurrent-ruby (~> 1.0, >= 1.0.2)
      i18n (>= 0.7, < 2)
      minitest (~> 5.1)
      tzinfo (~> 1.1)
      zeitwerk (~> 2.2, >= 2.2.2)
    addressable (2.7.0)
      public_suffix (>= 2.0.2, < 5.0)
    ast (2.4.2)
    bcrypt (3.1.16)
    better_errors (2.9.1)
      coderay (>= 1.0.0)
      erubi (>= 1.0.0)
      rack (>= 0.9.0)
    better_html (1.0.15)
      actionview (>= 4.0)
      activesupport (>= 4.0)
      ast (~> 2.0)
      erubi (~> 1.4)
      html_tokenizer (~> 0.0.6)
      parser (>= 2.4)
      smart_properties
    bindex (0.8.1)
    binding_of_caller (1.0.0)
      debug_inspector (>= 0.0.1)
    bootsnap (1.7.2)
      msgpack (~> 1.0)
    brakeman (5.0.0)
    builder (3.2.4)
    bump (0.10.0)
    byebug (11.1.3)
    capybara (3.35.3)
      addressable
      mini_mime (>= 0.1.3)
      nokogiri (~> 1.8)
      rack (>= 1.6.0)
      rack-test (>= 0.6.3)
      regexp_parser (>= 1.5, < 3.0)
      xpath (~> 3.2)
    childprocess (3.0.0)
    claide (1.0.3)
    claide-plugins (0.9.2)
      cork
      nap
      open4 (~> 1.3)
    clamby (1.6.6)
    coderay (1.1.3)
    colored2 (3.1.2)
    concurrent-ruby (1.1.8)
    connection_pool (2.2.3)
    cork (0.3.0)
      colored2 (~> 3.1)
    crack (0.4.5)
      rexml
    crass (1.0.6)
    danger (8.2.2)
      claide (~> 1.0)
      claide-plugins (>= 0.9.2)
      colored2 (~> 3.1)
      cork (~> 0.1)
      faraday (>= 0.9.0, < 2.0)
      faraday-http-cache (~> 2.0)
      git (~> 1.7)
      kramdown (~> 2.3)
      kramdown-parser-gfm (~> 1.0)
      no_proxy_fix
      octokit (~> 4.7)
      terminal-table (~> 1)
    debug_inspector (1.0.0)
    differ (0.1.2)
    docile (1.3.5)
    draper (4.0.1)
      actionpack (>= 5.0)
      activemodel (>= 5.0)
      activemodel-serializers-xml (>= 1.0)
      activesupport (>= 5.0)
      request_store (>= 1.0)
    ebnf (2.1.2)
      htmlentities (~> 4.3)
      rdf (~> 3.1)
      scanf (~> 1.0)
      sxp (~> 1.1)
    edtf (3.0.6)
      activesupport (>= 3.0, < 7.0)
    erb_lint (0.0.37)
      activesupport
      better_html (~> 1.0.7)
      html_tokenizer
      parser (>= 2.7.1.4)
      rainbow
      rubocop
      smart_properties
    erubi (1.10.0)
    et-orbi (1.2.4)
      tzinfo
    ezid-client (1.8.0)
      hashie (~> 3.4, >= 3.4.3)
      nokogiri
    faker (2.16.0)
      i18n (>= 1.6, < 2)
    faraday (1.3.0)
      faraday-net_http (~> 1.0)
      multipart-post (>= 1.2, < 3)
      ruby2_keywords
    faraday-http-cache (2.2.0)
      faraday (>= 0.8)
    faraday-net_http (1.0.1)
    ffi (1.13.1)
    flipper (0.20.4)
    flipper-active_record (0.20.4)
      activerecord (>= 5.0, < 7)
      flipper (~> 0.20.4)
    flipper-ui (0.20.4)
      erubi (>= 1.0.0, < 2.0.0)
      flipper (~> 0.20.4)
      rack (>= 1.4, < 3)
      rack-protection (>= 1.5.3, < 2.2.0)
    fugit (1.4.1)
      et-orbi (~> 1.1, >= 1.1.8)
      raabro (~> 1.4)
    git (1.7.0)
      rchardet (~> 1.8)
    globalid (0.4.2)
      activesupport (>= 4.2.0)
    haikunator (1.1.1)
    hamster (3.0.0)
      concurrent-ruby (~> 1.0)
    hashdiff (1.0.1)
    hashie (3.6.0)
    html_tokenizer (0.0.7)
    htmlentities (4.3.4)
    i18n (1.8.9)
      concurrent-ruby (~> 1.0)
    image_processing (1.12.1)
      mini_magick (>= 4.9.5, < 5)
      ruby-vips (>= 2.0.17, < 3)
    jbuilder (2.11.2)
      activesupport (>= 5.0.0)
    json-schema (2.8.1)
      addressable (>= 2.4)
    kaminari (1.2.1)
      activesupport (>= 4.1.0)
      kaminari-actionview (= 1.2.1)
      kaminari-activerecord (= 1.2.1)
      kaminari-core (= 1.2.1)
    kaminari-actionview (1.2.1)
      actionview
      kaminari-core (= 1.2.1)
    kaminari-activerecord (1.2.1)
      activerecord
      kaminari-core (= 1.2.1)
    kaminari-core (1.2.1)
    kramdown (2.3.0)
      rexml
    kramdown-parser-gfm (1.1.0)
      kramdown (~> 2.0)
    launchy (2.5.0)
      addressable (~> 2.7)
    link_header (0.0.8)
    listen (3.4.1)
      rb-fsevent (~> 0.10, >= 0.10.3)
      rb-inotify (~> 0.9, >= 0.9.10)
    loofah (2.9.0)
      crass (~> 1.0.2)
      nokogiri (>= 1.5.9)
    mail (2.7.1)
      mini_mime (>= 0.1.1)
    marcel (0.3.3)
      mimemagic (~> 0.3.2)
    method_source (1.0.0)
    mimemagic (0.3.5)
    mini_magick (4.11.0)
    mini_mime (1.0.2)
    mini_portile2 (2.5.0)
    minitest (5.14.4)
    msgpack (1.4.2)
    multipart-post (2.1.1)
    mustermann (1.1.1)
      ruby2_keywords (~> 0.0.1)
    nanoid (2.0.0)
    nap (1.1.0)
    net-http-persistent (4.0.1)
      connection_pool (~> 2.2)
    nio4r (2.5.5)
    no_proxy_fix (0.1.2)
    nokogiri (1.11.2)
      mini_portile2 (~> 2.5.0)
      racc (~> 1.4)
    octokit (4.20.0)
      faraday (>= 0.9)
      sawyer (~> 0.8.0, >= 0.5.3)
    omniauth (2.0.3)
      hashie (>= 3.4.6)
      rack (>= 1.6.2, < 3)
      rack-protection
    omniauth-rails_csrf_protection (1.0.0)
      actionpack (>= 4.2)
      omniauth (~> 2.0)
    omniauth-saml (2.0.0)
      omniauth (~> 2.0)
      ruby-saml (~> 1.9)
    open4 (1.3.4)
    paper_trail (11.1.0)
      activerecord (>= 5.2)
      request_store (~> 1.1)
    parallel (1.20.1)
    parser (3.0.0.0)
      ast (~> 2.4.1)
    pg (1.2.3)
    pry (0.13.1)
      coderay (~> 1.1)
      method_source (~> 1.0)
    pry-byebug (3.9.0)
      byebug (~> 11.0)
      pry (~> 0.13.0)
    pry-rails (0.3.9)
      pry (>= 0.10.4)
    public_suffix (4.0.6)
    puma (5.2.2)
      nio4r (~> 2.0)
    pundit (1.1.0)
      activesupport (>= 3.0.0)
    raabro (1.4.0)
    racc (1.5.2)
    rack (2.2.3)
    rack-protection (2.1.0)
      rack
    rack-proxy (0.6.5)
      rack
    rack-test (1.1.0)
      rack (>= 1.0, < 3)
    rails (6.0.3.4)
      actioncable (= 6.0.3.4)
      actionmailbox (= 6.0.3.4)
      actionmailer (= 6.0.3.4)
      actionpack (= 6.0.3.4)
      actiontext (= 6.0.3.4)
      actionview (= 6.0.3.4)
      activejob (= 6.0.3.4)
      activemodel (= 6.0.3.4)
      activerecord (= 6.0.3.4)
      activestorage (= 6.0.3.4)
      activesupport (= 6.0.3.4)
      bundler (>= 1.3.0)
      railties (= 6.0.3.4)
      sprockets-rails (>= 2.0.0)
    rails-dom-testing (2.0.3)
      activesupport (>= 4.2.0)
      nokogiri (>= 1.6)
    rails-html-sanitizer (1.3.0)
      loofah (~> 2.3)
    railties (6.0.3.4)
      actionpack (= 6.0.3.4)
      activesupport (= 6.0.3.4)
      method_source
      rake (>= 0.8.7)
      thor (>= 0.20.3, < 2.0)
    rainbow (3.0.0)
    rake (13.0.1)
    ransack (2.4.1)
      activerecord (>= 5.2.4)
      activesupport (>= 5.2.4)
      i18n
    rb-fsevent (0.10.4)
    rb-inotify (0.10.1)
      ffi (~> 1.0)
    rchardet (1.8.0)
    rdf (3.1.13)
      hamster (~> 3.0)
      link_header (~> 0.0, >= 0.0.8)
    rdf-aggregate-repo (3.1.0)
      rdf (~> 3.1)
    rdf-isomorphic (3.1.1)
      rdf (~> 3.1)
    rdf-n3 (3.1.1)
      rdf (~> 3.1)
      sparql (~> 3.1)
      sxp (~> 1.1)
    rdf-vocab (3.1.12)
      rdf (~> 3.1, >= 3.1.12)
    rdf-xsd (3.1.1)
      rdf (~> 3.1)
      rexml (~> 3.2)
    rdoc (6.3.0)
    redis (4.1.4)
    regexp_parser (2.1.1)
    request_store (1.5.0)
      rack (>= 1.4)
    rexml (3.2.4)
    rollbar (3.1.2)
    rsolr (2.3.0)
      builder (>= 2.1.2)
      faraday (>= 0.9.0)
    rubocop (1.11.0)
      parallel (~> 1.10)
      parser (>= 3.0.0.0)
      rainbow (>= 2.2.2, < 4.0)
      regexp_parser (>= 1.8, < 3.0)
      rexml
      rubocop-ast (>= 1.2.0, < 2.0)
      ruby-progressbar (~> 1.7)
      unicode-display_width (>= 1.4.0, < 3.0)
    rubocop-ast (1.4.1)
      parser (>= 2.7.1.5)
    rubocop-minitest (0.10.3)
      rubocop (>= 0.87, < 2.0)
    rubocop-performance (1.10.1)
      rubocop (>= 0.90.0, < 2.0)
      rubocop-ast (>= 0.4.0)
    rubocop-rails (2.9.1)
      activesupport (>= 4.2.0)
      rack (>= 1.1)
      rubocop (>= 0.90.0, < 2.0)
    ruby-progressbar (1.11.0)
    ruby-saml (1.11.0)
      nokogiri (>= 1.5.10)
    ruby-vips (2.0.17)
      ffi (~> 1.9)
    ruby2_keywords (0.0.4)
    rubyzip (2.3.0)
    rufus-scheduler (3.7.0)
      fugit (~> 1.1, >= 1.1.6)
    sawyer (0.8.2)
      addressable (>= 2.3.5)
      faraday (> 0.8, < 2.0)
    scanf (1.0.0)
    sdoc (2.0.4)
      rdoc (>= 5.0)
    selenium-webdriver (3.142.7)
      childprocess (>= 0.5, < 4.0)
      rubyzip (>= 1.2.2)
    semantic_range (2.3.0)
    shoulda-matchers (4.5.1)
      activesupport (>= 4.2.0)
    sidekiq (5.2.9)
      connection_pool (~> 2.2, >= 2.2.2)
      rack (~> 2.0)
      rack-protection (>= 1.5.0)
      redis (>= 3.3.5, < 4.2)
    sidekiq-cron (1.2.0)
      fugit (~> 1.1)
      sidekiq (>= 4.2.1)
    sidekiq-unique-jobs (6.0.25)
      concurrent-ruby (~> 1.0, >= 1.0.5)
      sidekiq (>= 4.0, < 7.0)
      thor (>= 0.20, < 2.0)
    simple_form (5.1.0)
      actionpack (>= 5.2)
      activemodel (>= 5.2)
    simplecov (0.21.2)
      docile (~> 1.1)
      simplecov-html (~> 0.11)
      simplecov_json_formatter (~> 0.1)
    simplecov-html (0.12.3)
    simplecov_json_formatter (0.1.2)
    sinatra (2.1.0)
      mustermann (~> 1.0)
      rack (~> 2.2)
      rack-protection (= 2.1.0)
      tilt (~> 2.0)
    skylight (4.3.2)
      skylight-core (= 4.3.2)
    skylight-core (4.3.2)
      activesupport (>= 4.2.0)
    smart_properties (1.15.0)
    sparql (3.1.5)
      builder (~> 3.2)
      ebnf (~> 2.1)
      rdf (~> 3.1, >= 3.1.8)
      rdf-aggregate-repo (~> 3.1)
      rdf-xsd (~> 3.1)
      sparql-client (~> 3.1, >= 3.1.2)
      sxp (~> 1.1)
    sparql-client (3.1.2)
      net-http-persistent (~> 4.0, >= 4.0.1)
      rdf (~> 3.1)
    spring (2.1.1)
    spring-watcher-listen (2.0.1)
      listen (>= 2.7, < 4.0)
      spring (>= 1.2, < 3.0)
    sprockets (4.0.2)
      concurrent-ruby (~> 1.0)
      rack (> 1, < 3)
    sprockets-rails (3.2.2)
      actionpack (>= 4.0)
      activesupport (>= 4.0)
      sprockets (>= 3.0.0)
    sxp (1.1.0)
      rdf (~> 3.1)
    terminal-table (1.8.0)
      unicode-display_width (~> 1.1, >= 1.1.1)
    thor (1.0.1)
    thread_safe (0.3.6)
    tilt (2.0.10)
    tzinfo (1.2.9)
      thread_safe (~> 0.1)
    unicode-display_width (1.7.0)
    uuidtools (2.2.0)
    vcr (5.0.0)
    voight_kampff (1.1.4)
      rack (>= 1.4, < 3.0)
    web-console (4.1.0)
      actionview (>= 6.0.0)
      activemodel (>= 6.0.0)
      bindex (>= 0.4.0)
      railties (>= 6.0.0)
    webdrivers (4.6.0)
      nokogiri (~> 1.6)
      rubyzip (>= 1.3.0)
      selenium-webdriver (>= 3.0, < 4.0)
    webmock (3.12.1)
      addressable (>= 2.3.6)
      crack (>= 0.3.2)
      hashdiff (>= 0.4.0, < 2.0.0)
    webpacker (5.2.1)
      activesupport (>= 5.2)
      rack-proxy (>= 0.6.1)
      railties (>= 5.2)
      semantic_range (>= 2.3.0)
    websocket-driver (0.7.3)
      websocket-extensions (>= 0.1.0)
    websocket-extensions (0.1.5)
    wicked (1.3.4)
      railties (>= 3.0.7)
    xpath (3.2.0)
      nokogiri (~> 1.8)
    zeitwerk (2.4.2)

PLATFORMS
  ruby

DEPENDENCIES
  aasm
  active_link_to
  acts_as_rdfable!
  addressable (~> 2.7.0)
  bcrypt (>= 3.1.13)
  better_errors (>= 2.3.0)
  binding_of_caller
  bootsnap (>= 1.4.2)
  brakeman
  builder_deferred_tagging!
  bump
  capybara (>= 2.15, < 4.0)
  clamby
  connection_pool
  danger (~> 8.2)
  differ
  draper
  edtf (~> 3.0, >= 3.0.6)
  erb_lint (>= 0.0.35)
  ezid-client (~> 1.8.0)
  faker
  flipper (~> 0.20.4)
  flipper-active_record (~> 0.20.4)
  flipper-ui (~> 0.20.4)
  haikunator
  image_processing
  jbuilder
  json-schema (~> 2.8.1)
  kaminari
  launchy
  listen (>= 3.0.5, < 3.5)
  nokogiri
  oaisys!
  omniauth (~> 2.0)
  omniauth-rails_csrf_protection (~> 1.0)
  omniauth-saml (~> 2.0)
  paper_trail
  pg (~> 1.2.3)
  pry
  pry-byebug
  pry-rails
  puma (~> 5.2)
  pundit (= 1.1.0)
  rails (~> 6.0.3)
  ransack (= 2.4.1)
  rdf (~> 3.1.13)
  rdf-isomorphic (~> 3.1.1)
  rdf-n3 (= 3.1.1)
  rdf-vocab (~> 3.1.12)
  redis (~> 4.1)
  rollbar
  rsolr
  rubocop (~> 1.11.0)
  rubocop-minitest
  rubocop-performance
  rubocop-rails
  rufus-scheduler (= 3.7.0)
  sdoc
  selenium-webdriver
  shoulda-matchers (~> 4.5)
  sidekiq (~> 5.2)
  sidekiq-cron
  sidekiq-unique-jobs
  simple_form
  simplecov
  sinatra (~> 2.1.0)
  skylight
  spring
  spring-watcher-listen (~> 2.0.0)
  uuidtools
  vcr (= 5.0)
  voight_kampff
  web-console (>= 3.3.0)
  webdrivers (~> 4.6)
  webmock
  webpacker (~> 5.2)
  wicked

BUNDLED WITH
   2.1.4
