GIT
  remote: https://github.com/mbarnett/active_fedora.git
  revision: 8e94346e6ed98df46c994726749542075e11ecd0
  branch: backport_rails52_fixes
  specs:
    active-fedora (11.4.0)
      active-triples (~> 0.11.0)
      activemodel (>= 4.2, < 6)
      activesupport (>= 4.2.4, < 6)
      deprecation
      faraday (~> 0.12.1)
      faraday-encoding (= 0.0.4)
      ldp (~> 0.7.0)
      rsolr (>= 1.1.2, < 3)
      ruby-progressbar (~> 1.0)
      solrizer (>= 3.4, < 5)

GIT
  remote: https://github.com/mbarnett/solrizer.git
  revision: 4c9712f9309b99e1552a0c2a092a2b4a91eaf52c
  branch: literally_types
  specs:
    solrizer (3.4.0)
      activesupport
      daemons
      nokogiri
      stomp
      xml-simple

GEM
  remote: https://rubygems.org/
  specs:
    aasm (5.0.0)
      concurrent-ruby (~> 1.0)
    actioncable (5.2.1)
      actionpack (= 5.2.1)
      nio4r (~> 2.0)
      websocket-driver (>= 0.6.1)
    actionmailer (5.2.1)
      actionpack (= 5.2.1)
      actionview (= 5.2.1)
      activejob (= 5.2.1)
      mail (~> 2.5, >= 2.5.4)
      rails-dom-testing (~> 2.0)
    actionpack (5.2.1)
      actionview (= 5.2.1)
      activesupport (= 5.2.1)
      rack (~> 2.0)
      rack-test (>= 0.6.3)
      rails-dom-testing (~> 2.0)
      rails-html-sanitizer (~> 1.0, >= 1.0.2)
    actionview (5.2.1)
      activesupport (= 5.2.1)
      builder (~> 3.1)
      erubi (~> 1.4)
      rails-dom-testing (~> 2.0)
      rails-html-sanitizer (~> 1.0, >= 1.0.3)
    active-triples (0.11.0)
      activemodel (>= 3.0.0)
      activesupport (>= 3.0.0)
      rdf (~> 2.0, >= 2.0.2)
      rdf-vocab
    active_encode (0.1.1)
      activesupport
    active_link_to (1.0.5)
      actionpack
      addressable
    activejob (5.2.1)
      activesupport (= 5.2.1)
      globalid (>= 0.3.6)
    activemodel (5.2.1)
      activesupport (= 5.2.1)
    activerecord (5.2.1)
      activemodel (= 5.2.1)
      activesupport (= 5.2.1)
      arel (>= 9.0)
    activestorage (5.2.1)
      actionpack (= 5.2.1)
      activerecord (= 5.2.1)
      marcel (~> 0.3.1)
    activesupport (5.2.1)
      concurrent-ruby (~> 1.0, >= 1.0.2)
      i18n (>= 0.7, < 2)
      minitest (~> 5.1)
      tzinfo (~> 1.1)
    addressable (2.5.2)
      public_suffix (>= 2.0.2, < 4.0)
    archive-zip (0.11.0)
      io-like (~> 0.3.0)
    arel (9.0.0)
    ast (2.4.0)
    autoprefixer-rails (9.0.0)
      execjs
    better_errors (2.5.0)
      coderay (>= 1.0.0)
      erubi (>= 1.0.0)
      rack (>= 0.9.0)
    bindex (0.5.0)
    binding_of_caller (0.8.0)
      debug_inspector (>= 0.0.1)
    bootsnap (1.3.1)
      msgpack (~> 1.0)
    bootstrap (4.1.3)
      autoprefixer-rails (>= 6.0.3)
      popper_js (>= 1.12.9, < 2)
      sass (>= 3.5.2)
    brakeman (4.3.1)
    builder (3.2.3)
    canonical-rails (0.2.4)
      rails (>= 4.1, < 5.3)
    capybara (3.6.0)
      addressable
      mini_mime (>= 0.1.3)
      nokogiri (~> 1.8)
      rack (>= 1.6.0)
      rack-test (>= 0.6.3)
      xpath (~> 3.1)
    childprocess (0.9.0)
      ffi (~> 1.0, >= 1.0.11)
    chromedriver-helper (1.2.0)
      archive-zip (~> 0.10)
      nokogiri (~> 1.8)
    clamby (1.4.0)
    coderay (1.1.2)
    concurrent-ruby (1.0.5)
    connection_pool (2.2.2)
    crack (0.4.3)
      safe_yaml (~> 1.0.0)
    crass (1.0.4)
    daemons (1.2.6)
    debug_inspector (0.0.3)
    deprecation (1.0.0)
      activesupport
    docile (1.3.0)
    dropzonejs-rails (0.8.2)
      rails (> 3.1)
    ebnf (1.1.2)
      rdf (>= 2.2, < 4.0)
      sxp (~> 1.0)
    erubi (1.7.1)
    et-orbi (1.1.4)
      tzinfo
    execjs (2.7.0)
    ezid-client (1.7.1)
      hashie (~> 3.4, >= 3.4.3)
    faker (1.9.1)
      i18n (>= 0.7)
    faraday (0.12.2)
      multipart-post (>= 1.2, < 3)
    faraday-encoding (0.0.4)
      faraday
    ffi (1.9.25)
    font-awesome-rails (4.7.0.4)
      railties (>= 3.2, < 6.0)
    fugit (1.1.5)
      et-orbi (~> 1.1, >= 1.1.3)
      raabro (~> 1.1)
    globalid (0.4.1)
      activesupport (>= 4.2.0)
    haikunator (1.1.0)
    hamster (3.0.0)
      concurrent-ruby (~> 1.0)
    hashdiff (0.3.7)
    hashie (3.5.7)
    http_logger (0.5.1)
    hydra-derivatives (3.3.2)
      active-fedora (>= 11.3.1, < 12)
      active_encode (~> 0.1)
      activesupport (>= 4.0, < 6)
      addressable (~> 2.5)
      deprecation
      mime-types (> 2.0, < 4.0)
      mini_magick (>= 3.2, < 5)
    hydra-file_characterization (0.3.3)
      activesupport (>= 3.0.0)
    hydra-pcdm (0.11.0)
      active-fedora (>= 10, < 13)
      mime-types (>= 1)
    hydra-works (0.17.0)
      hydra-derivatives (~> 3.0)
      hydra-file_characterization (~> 0.3, >= 0.3.3)
      hydra-pcdm (>= 0.9)
      om (~> 3.1)
    i18n (1.1.0)
      concurrent-ruby (~> 1.0)
    image_processing (1.6.0)
      mini_magick (~> 4.0)
      ruby-vips (>= 2.0.11, < 3)
    io-like (0.3.0)
    jaro_winkler (1.5.1)
    jbuilder (2.7.0)
      activesupport (>= 4.2.0)
      multi_json (>= 1.2)
    jquery-rails (4.3.3)
      rails-dom-testing (>= 1, < 3)
      railties (>= 4.2.0)
      thor (>= 0.14, < 2.0)
    json (2.1.0)
    json-ld (2.2.1)
      multi_json (~> 1.12)
      rdf (>= 2.2.8, < 4.0)
    kaminari (1.1.1)
      activesupport (>= 4.1.0)
      kaminari-actionview (= 1.1.1)
      kaminari-activerecord (= 1.1.1)
      kaminari-core (= 1.1.1)
    kaminari-actionview (1.1.1)
      actionview
      kaminari-core (= 1.1.1)
    kaminari-activerecord (1.1.1)
      activerecord
      kaminari-core (= 1.1.1)
    kaminari-core (1.1.1)
    launchy (2.4.3)
      addressable (~> 2.3)
    ldp (0.7.2)
      deprecation
      faraday
      http_logger
      json-ld
      rdf (>= 1.1)
      rdf-isomorphic
      rdf-turtle
      rdf-vocab (>= 0.8)
      slop
    link_header (0.0.8)
    listen (3.1.5)
      rb-fsevent (~> 0.9, >= 0.9.4)
      rb-inotify (~> 0.9, >= 0.9.7)
      ruby_dep (~> 1.2)
    loofah (2.2.2)
      crass (~> 1.0.2)
      nokogiri (>= 1.5.9)
    mail (2.7.0)
      mini_mime (>= 0.1.1)
    marcel (0.3.2)
      mimemagic (~> 0.3.2)
    method_source (0.9.0)
    mime-types (3.1)
      mime-types-data (~> 3.2015)
    mime-types-data (3.2016.0521)
    mimemagic (0.3.2)
    mini_magick (4.8.0)
    mini_mime (1.0.1)
    mini_portile2 (2.3.0)
    minitest (5.11.3)
    minitest-hooks (1.5.0)
      minitest (> 5.3)
    msgpack (1.2.4)
    multi_json (1.13.1)
    multipart-post (2.0.0)
    mustermann (1.0.2)
    nio4r (2.3.1)
    nokogiri (1.8.4)
      mini_portile2 (~> 2.3.0)
    om (3.1.1)
      activemodel
      activesupport
      nokogiri (>= 1.4.2)
      solrizer (~> 3.3)
    omniauth (1.8.1)
      hashie (>= 3.4.6, < 3.6.0)
      rack (>= 1.6.2, < 3)
    omniauth-saml (1.10.1)
      omniauth (~> 1.3, >= 1.3.2)
      ruby-saml (~> 1.7)
    parallel (1.12.1)
    parser (2.5.1.2)
      ast (~> 2.4.0)
    pg (1.1.1)
    popper_js (1.14.3)
    powerpack (0.1.2)
    pry (0.11.3)
      coderay (~> 1.1.0)
      method_source (~> 0.9.0)
    pry-rails (0.3.6)
      pry (>= 0.10.4)
    public_suffix (3.0.2)
    puma (3.12.0)
    pundit (1.1.0)
      activesupport (>= 3.0.0)
    raabro (1.1.6)
    rack (2.0.5)
    rack-protection (2.0.3)
      rack
    rack-test (1.1.0)
      rack (>= 1.0, < 3)
    rails (5.2.1)
      actioncable (= 5.2.1)
      actionmailer (= 5.2.1)
      actionpack (= 5.2.1)
      actionview (= 5.2.1)
      activejob (= 5.2.1)
      activemodel (= 5.2.1)
      activerecord (= 5.2.1)
      activestorage (= 5.2.1)
      activesupport (= 5.2.1)
      bundler (>= 1.3.0)
      railties (= 5.2.1)
      sprockets-rails (>= 2.0.0)
    rails-dom-testing (2.0.3)
      activesupport (>= 4.2.0)
      nokogiri (>= 1.6)
    rails-html-sanitizer (1.0.4)
      loofah (~> 2.2, >= 2.2.2)
    railties (5.2.1)
      actionpack (= 5.2.1)
      activesupport (= 5.2.1)
      method_source
      rake (>= 0.8.7)
      thor (>= 0.19.0, < 2.0)
    rainbow (3.0.0)
    rake (12.3.1)
    ransack (2.0.1)
      actionpack (>= 5.0)
      activerecord (>= 5.0)
      activesupport (>= 5.0)
      i18n
    rb-fsevent (0.10.3)
    rb-inotify (0.9.10)
      ffi (>= 0.5.0, < 2)
    rdf (2.2.12)
      hamster (~> 3.0)
      link_header (~> 0.0, >= 0.0.8)
    rdf-isomorphic (2.2.0)
      rdf (>= 2.0, < 4.0)
    rdf-turtle (2.2.2)
      ebnf (~> 1.1)
      rdf (>= 2.2, < 4.0)
    rdf-vocab (2.2.9)
      rdf (>= 2.2, < 4.0)
    rdoc (6.0.2)
    redis (4.0.2)
    rollbar (2.17.0)
      multi_json
    rsolr (2.2.1)
      builder (>= 2.1.2)
      faraday (>= 0.9.0)
    rubocop (0.58.2)
      jaro_winkler (~> 1.5.1)
      parallel (~> 1.10)
      parser (>= 2.5, != 2.5.1.1)
      powerpack (~> 0.1)
      rainbow (>= 2.2.2, < 4.0)
      ruby-progressbar (~> 1.7)
      unicode-display_width (~> 1.0, >= 1.0.1)
    ruby-progressbar (1.9.0)
    ruby-saml (1.8.0)
      nokogiri (>= 1.5.10)
    ruby-vips (2.0.12)
      ffi (~> 1.9)
    ruby_dep (1.5.0)
    rubyzip (1.2.1)
    rufus-scheduler (3.5.2)
      fugit (~> 1.1, >= 1.1.5)
    safe_yaml (1.0.4)
    sass (3.5.7)
      sass-listen (~> 4.0.0)
    sass-listen (4.0.0)
      rb-fsevent (~> 0.9, >= 0.9.4)
      rb-inotify (~> 0.9, >= 0.9.7)
    sass-rails (5.0.7)
      railties (>= 4.0.0, < 6)
      sass (~> 3.1)
      sprockets (>= 2.8, < 4.0)
      sprockets-rails (>= 2.0, < 4.0)
      tilt (>= 1.1, < 3)
    scss_lint (0.57.0)
      rake (>= 0.9, < 13)
      sass (~> 3.5.5)
    sdoc (1.0.0)
      rdoc (>= 5.0)
    selectize-rails (0.12.5)
    selenium-webdriver (3.14.0)
      childprocess (~> 0.5)
      rubyzip (~> 1.2)
    shoulda-matchers (3.1.2)
      activesupport (>= 4.0.0)
    sidekiq (5.2.1)
      connection_pool (~> 2.2, >= 2.2.2)
      rack-protection (>= 1.5.0)
      redis (>= 3.3.5, < 5)
    sidekiq-cron (1.0.4)
      fugit (~> 1.1)
      sidekiq (>= 4.2.1)
    sidekiq-unique-jobs (6.0.6)
      concurrent-ruby (~> 1.0, >= 1.0.5)
      sidekiq (>= 4.0, < 6.0)
      thor (~> 0)
    simple_form (4.0.1)
      actionpack (>= 5.0)
      activemodel (>= 5.0)
    simplecov (0.16.1)
      docile (~> 1.1)
      json (>= 1.8, < 3)
      simplecov-html (~> 0.10.0)
    simplecov-html (0.10.2)
    sinatra (2.0.3)
      mustermann (~> 1.0)
      rack (~> 2.0)
      rack-protection (= 2.0.3)
      tilt (~> 2.0)
    skylight (1.7.0)
      activesupport (>= 3.0.0)
    slop (4.6.2)
    sprockets (3.7.2)
      concurrent-ruby (~> 1.0)
      rack (> 1, < 3)
    sprockets-rails (3.2.1)
      actionpack (>= 4.0)
      activesupport (>= 4.0)
      sprockets (>= 3.0.0)
    stomp (1.4.4)
    sxp (1.0.1)
      rdf (>= 2.2, < 4.0)
    thor (0.20.0)
    thread_safe (0.3.6)
    tilt (2.0.8)
    turbolinks (5.2.0)
      turbolinks-source (~> 5.2)
    turbolinks-source (5.2.0)
    tzinfo (1.2.5)
      thread_safe (~> 0.1)
    uglifier (4.1.18)
      execjs (>= 0.3.0, < 3)
    unicode-display_width (1.4.0)
    vcr (4.0.0)
    voight_kampff (1.1.2)
      rack (>= 1.4, < 3.0)
    web-console (3.6.2)
      actionview (>= 5.0)
      activemodel (>= 5.0)
      bindex (>= 0.4.0)
      railties (>= 5.0)
    webmock (3.4.2)
      addressable (>= 2.3.6)
      crack (>= 0.3.2)
      hashdiff
    websocket-driver (0.7.0)
      websocket-extensions (>= 0.1.0)
    websocket-extensions (0.1.3)
    wicked (1.3.3)
      railties (>= 3.0.7)
    xml-simple (1.1.5)
    xpath (3.1.0)
      nokogiri (~> 1.8)

PLATFORMS
  ruby

DEPENDENCIES
  aasm
  active-fedora!
  active_link_to
  better_errors (>= 2.3.0)
  binding_of_caller
  bootsnap (>= 1.1.0)
  bootstrap (~> 4.1.3)
  brakeman
  canonical-rails
  capybara (>= 2.15, < 4.0)
  chromedriver-helper
  clamby
  connection_pool
  dropzonejs-rails
  ezid-client
  faker
  font-awesome-rails
  haikunator
  hydra-derivatives (= 3.3.2)
  hydra-works (= 0.17.0)
  image_processing
  jbuilder
  jquery-rails
  kaminari
  launchy
  listen (>= 3.0.5, < 3.2)
  minitest-hooks
  nokogiri
  omniauth
  omniauth-saml
  pg (~> 1.1.1)
  pry
  pry-rails
  puma (~> 3.12)
  pundit
  rails (~> 5.2.1)
  ransack
  rdf-vocab
  redis (~> 4.0)
  rollbar
  rsolr
  rubocop (~> 0.58.2)
  rufus-scheduler (= 3.5.2)
  sass-rails (~> 5)
  scss_lint (>= 0.56.0)
  sdoc
  selectize-rails
  selenium-webdriver
  shoulda-matchers (~> 3.0)
  sidekiq (~> 5.2)
  sidekiq-cron
  sidekiq-unique-jobs
  simple_form
  simplecov
  sinatra (~> 2.0.3)
  skylight
  solrizer!
  turbolinks (~> 5)
  uglifier (>= 1.3.0)
  vcr
  voight_kampff
  web-console (>= 3.3.0)
  webmock
  wicked

BUNDLED WITH
   1.16.2
